GEM
  remote: http://rubygems.org/
  specs:
    backports (2.3.0)
    daemons (1.1.4)
    dalli (1.0.5)
    eventmachine (0.12.10)
    haml (3.1.1)
    heroku (2.3.6)
      launchy (>= 0.3.2)
      rest-client (~> 1.6.1)
      term-ansicolor (~> 1.0.5)
    launchy (2.0.3)
    maruku (0.6.0)
      syntax (>= 1.0.0)
    mime-types (1.16)
    monkey-lib (0.5.4)
      backports
    rack (1.3.1)
    rack-cache (1.0.2)
      rack (>= 0.4)
    rack-rewrite (1.2.1)
    rest-client (1.6.3)
      mime-types (>= 1.16)
    sass (3.1.1)
    sinatra (1.2.6)
      rack (~> 1.1)
      tilt (>= 1.2.2, < 2.0)
    sinatra-advanced-routes (0.5.1)
      monkey-lib (~> 0.5.0)
      sinatra (~> 1.0)
      sinatra-sugar (~> 0.5.0)
    sinatra-reloader (0.5.0)
      sinatra (~> 1.0)
      sinatra-advanced-routes (~> 0.5.0)
    sinatra-sugar (0.5.1)
      monkey-lib (~> 0.5.0)
      sinatra (~> 1.0)
    syntax (1.0.0)
    term-ansicolor (1.0.6)
    thin (1.2.11)
      daemons (>= 1.0.9)
      eventmachine (>= 0.12.6)
      rack (>= 1.0.0)
    tilt (1.3.2)

PLATFORMS
  ruby

DEPENDENCIES
  dalli
  haml (= 3.1.1)
  heroku
  maruku
  rack-cache
  rack-rewrite
  sass (= 3.1.1)
  sinatra (= 1.2.6)
  sinatra-reloader (= 0.5.0)
  thin
